RESTRICTION: >= net461
NUGET
  remote: https://www.nuget.org/api/v2
    FSharp.Core (4.3.3)
    FSharp.Data (2.4.4)
